GEM
  remote: https://rubygems.org/
  specs:
    ast (2.4.0)
    atk (3.3.5)
      glib2 (= 3.3.5)
    cairo (1.16.4)
      native-package-installer (>= 1.0.3)
      pkg-config (>= 1.2.2)
    cairo-gobject (3.3.5)
      cairo (>= 1.16.2)
      glib2 (= 3.3.5)
    codecov (0.1.14)
      json
      simplecov
      url
    docile (1.3.1)
    gdk3 (3.3.5)
      cairo-gobject (= 3.3.5)
      gdk_pixbuf2 (= 3.3.5)
      pango (= 3.3.5)
    gdk_pixbuf2 (3.3.5)
      gio2 (= 3.3.5)
    gio2 (3.3.5)
      gobject-introspection (= 3.3.5)
    glib2 (3.3.5)
      native-package-installer (>= 1.0.3)
      pkg-config (>= 1.3.5)
    gobject-introspection (3.3.5)
      glib2 (= 3.3.5)
    gtk3 (3.3.5)
      atk (= 3.3.5)
      gdk3 (= 3.3.5)
      gdk_pixbuf2 (= 3.3.5)
      gio2 (= 3.3.5)
      pango (= 3.3.5)
    jaro_winkler (1.5.2)
    json (2.2.0)
    native-package-installer (1.0.7)
    pango (3.3.5)
      cairo-gobject (= 3.3.5)
      gobject-introspection (= 3.3.5)
    parallel (1.14.0)
    parser (2.6.0.0)
      ast (~> 2.4.0)
    pkg-config (1.3.6)
    power_assert (1.1.3)
    powerpack (0.1.2)
    psych (3.1.0)
    psych (3.1.0-x64-mingw32)
    rainbow (3.0.0)
    rake (12.3.2)
    rubocop (0.65.0)
      jaro_winkler (~> 1.5.1)
      parallel (~> 1.10)
      parser (>= 2.5, != 2.5.1.1)
      powerpack (~> 0.1)
      psych (>= 3.1.0)
      rainbow (>= 2.2.2, < 4.0)
      ruby-progressbar (~> 1.7)
      unicode-display_width (~> 1.4.0)
    ruby-progressbar (1.10.0)
    simplecov (0.16.1)
      docile (~> 1.1)
      json (>= 1.8, < 3)
      simplecov-html (~> 0.10.0)
    simplecov-html (0.10.2)
    test-unit (3.3.0)
      power_assert
    unicode-display_width (1.4.1)
    url (0.3.2)

PLATFORMS
  ruby
  x64-mingw32

DEPENDENCIES
  codecov
  gtk3 (~> 3.3, >= 3.3.5)
  rake
  rubocop
  simplecov
  test-unit

RUBY VERSION
   ruby 2.5.3p105

BUNDLED WITH
   2.0.1
